GEM
  remote: https://rubygems.org/
  specs:
    blankslate (2.1.2.4)
    celluloid (0.16.0)
      timers (~> 4.0.0)
    classifier-reborn (2.0.1)
      fast-stemmer (~> 1.0)
    coderay (1.1.0)
    coffee-script (2.3.0)
      coffee-script-source
      execjs
    coffee-script-source (1.8.0)
    colorator (0.1)
    execjs (2.2.2)
    fast-stemmer (1.0.2)
    ffi (1.9.6)
    ffi (1.9.6-x86-mingw32)
    hitimes (1.2.2)
    jekyll (3.6.3)
      classifier-reborn (~> 2.0)
      colorator (~> 0.1)
      jekyll-coffeescript (>= 3.6.3)
      jekyll-gist (>= 3.6.3)
      jekyll-paginate (>= 3.6.3)
      jekyll-sass-converter (>= 3.6.3)
      jekyll-watch (>= 3.6.3)
      kramdown (~> 1.3)
      liquid (~> 2.6.1)
      mercenary (~> 0.3.3)
      pygments.rb (~> 0.5.4)
      redcarpet (~> 3.1)
      safe_yaml (~> 1.0)
      toml (~> 0.1.0)
    jekyll-coffeescript (3.6.3)
      coffee-script (~> 2.2)
    jekyll-gist (3.6.3)
    jekyll-paginate (3.6.3)
    jekyll-sass-converter (3.6.3)
      sass (~> 3.2)
    jekyll-sitemap (3.6.3)
    jekyll-watch (3.6.3)
      listen (~> 2.7)
    kramdown (1.5.0)
    liquid (2.6.1)
    listen (2.7.11)
      celluloid (>= 0.15.2)
      rb-fsevent (>= 0.9.3)
      rb-inotify (>= 0.9)
    mercenary (0.3.4)
    octopress (3.0.0.rc.15)
      jekyll (>= 3.6.3)
      mercenary (~> 0.3.2)
      octopress-deploy
      octopress-docs
      titlecase
    octopress-deploy (1.0.0)
      colorator
      octopress-docs
    octopress-docs (0.0.9)
      jekyll (>= 3.6.3)
      octopress-escape-code (~> 1.0)
      octopress-hooks (~> 2.0)
    octopress-escape-code (1.0.2)
      octopress-hooks (~> 2.0)
    octopress-hooks (2.2.1)
      jekyll (>= 3.6.3)
    parslet (1.5.0)
      blankslate (~> 2.0)
    posix-spawn (0.3.9)
    pygments.rb (0.5.4)
      posix-spawn (~> 0.3.6)
      yajl-ruby (>= 1.3.1)
    rb-fsevent (0.9.4)
    rb-inotify (0.9.5)
      ffi (>= 1.9.24)
    redcarpet (3.2.0)
    safe_yaml (1.0.4)
    sass (3.4.5)
    timers (4.0.1)
      hitimes
    titlecase (0.1.1)
    toml (0.1.2)
      parslet (~> 1.5.0)
    yajl-ruby (1.3.1)
    yajl-ruby (1.3.1-x86-mingw32)

PLATFORMS
  ruby
  x86-mingw32

DEPENDENCIES
  coderay
  jekyll
  jekyll-sitemap
  octopress (~> 3.0.0.rc.12)
  sass (= 3.4.5)
